GIT
  remote: git://github.com/pero-ict/spree-homepager.git
  revision: dd07e332809dc505df792d1bb31e367e4e7a79a4
  specs:
    spree-homepager (0.40.6)
      spree_core (>= 0.40.3)

GIT
  remote: git://github.com/spree/spree_i18n.git
  revision: a6db9d69fd8a5ca282fdee530056f3a4435c8854
  specs:
    spree_i18n (1.0.0)
      spree_core (>= 0.30.0)

GIT
  remote: https://github.com/citrus/spree_related_products.git
  revision: 1c0dd3ebca7bd4836542beaaf76e962a5473397f
  specs:
    spree_related_products (3.0.2)
      spree_core (>= 0.30.0)

GIT
  remote: https://github.com/romul/spree-enhanced-option-types.git
  revision: d451c5ba137e0fd880c55009767aad3f2321fcb0
  specs:
    spree_enhanced_option_types (0.30.0)
      spree_core (>= 0.30.2)

GIT
  remote: https://tomash@github.com/tomash/globalize-spree.git
  revision: 9560f9f7d7e35082ff395776e9a1d02daa9b7ffe
  specs:
    globalize_spree (0.2.0)
      globalize3 (>= 0.0.9)
      i18n (>= 0.4.2)
      spree_core (>= 0.30.0.beta2)

GEM
  remote: http://rubygems.org/
  specs:
    abstract (1.0.0)
    actionmailer (3.0.4)
      actionpack (= 3.0.4)
      mail (~> 2.2.15)
    actionpack (3.0.4)
      activemodel (= 3.0.4)
      activesupport (= 3.0.4)
      builder (~> 2.1.2)
      erubis (~> 2.6.6)
      i18n (~> 0.4)
      rack (~> 1.2.1)
      rack-mount (~> 0.6.13)
      rack-test (~> 0.5.7)
      tzinfo (~> 0.3.23)
    activemerchant (1.9.0)
      activesupport (>= 2.3.2)
      braintree (>= 2.0.0)
      builder (>= 2.0.0)
    activemodel (3.0.4)
      activesupport (= 3.0.4)
      builder (~> 2.1.2)
      i18n (~> 0.4)
    activerecord (3.0.4)
      activemodel (= 3.0.4)
      activesupport (= 3.0.4)
      arel (~> 2.0.2)
      tzinfo (~> 0.3.23)
    activeresource (3.0.4)
      activemodel (= 3.0.4)
      activesupport (= 3.0.4)
    activesupport (3.0.4)
    acts_as_list (0.1.2)
    arel (2.0.8)
    bcrypt-ruby (2.1.4)
    braintree (2.8.0)
      builder
    builder (2.1.2)
    cancan (1.3.3)
    devise (1.2.rc)
      bcrypt-ruby (~> 2.1.2)
      orm_adapter (~> 0.0.2)
      warden (~> 1.0.2)
    erubis (2.6.6)
      abstract (>= 1.0.0)
    faker (0.9.4)
      i18n (~> 0.4)
    globalize3 (0.0.11)
      activemodel (>= 3.0.0)
      activerecord (>= 3.0.0)
    highline (1.5.1)
    i18n (0.5.0)
    jquery-rails (0.2.2)
      rails (~> 3.0)
    mail (2.2.15)
      activesupport (>= 2.3.6)
      i18n (>= 0.4.0)
      mime-types (~> 1.16)
      treetop (~> 1.4.8)
    mime-types (1.16)
    mysql2 (0.2.6)
    orm_adapter (0.0.4)
    paperclip (2.3.8)
      activerecord
      activesupport
    polyglot (0.3.1)
    rack (1.2.1)
    rack-mount (0.6.13)
      rack (>= 1.0.0)
    rack-test (0.5.7)
      rack (>= 1.0)
    rails (3.0.4)
      actionmailer (= 3.0.4)
      actionpack (= 3.0.4)
      activerecord (= 3.0.4)
      activeresource (= 3.0.4)
      activesupport (= 3.0.4)
      bundler (~> 1.0)
      railties (= 3.0.4)
    railties (3.0.4)
      actionpack (= 3.0.4)
      activesupport (= 3.0.4)
      rake (>= 0.8.7)
      thor (~> 0.14.4)
    rake (0.8.7)
    rd_awesome_nested_set (1.4.4)
      activerecord (>= 1.1)
    rd_resource_controller (1.0.1)
    rd_searchlogic (3.0.0)
      activerecord (>= 3.0.0)
    rd_unobtrusive_date_picker (0.1.0)
    spree (0.40.3)
      spree_api (= 0.40.3)
      spree_auth (= 0.40.3)
      spree_core (= 0.40.3)
      spree_dash (= 0.40.3)
      spree_promo (= 0.40.3)
      spree_sample (= 0.40.3)
    spree_api (0.40.3)
      spree_core (= 0.40.3)
    spree_auth (0.40.3)
      cancan (= 1.3.3)
      devise (= 1.2.rc)
      spree_core (= 0.40.3)
    spree_core (0.40.3)
      activemerchant (= 1.9.0)
      acts_as_list (= 0.1.2)
      faker (= 0.9.4)
      highline (= 1.5.1)
      jquery-rails (= 0.2.2)
      paperclip (= 2.3.8)
      rails (= 3.0.4)
      rd_awesome_nested_set (= 1.4.4)
      rd_resource_controller
      rd_searchlogic (= 3.0.0)
      rd_unobtrusive_date_picker (= 0.1.0)
      state_machine (= 0.9.4)
      stringex (= 1.0.3)
      will_paginate (= 3.0.pre2)
    spree_dash (0.40.3)
      spree_core (= 0.40.3)
    spree_promo (0.40.3)
      spree_core (= 0.40.3)
    spree_sample (0.40.3)
      spree_core (= 0.40.3)
    state_machine (0.9.4)
    stringex (1.0.3)
    thor (0.14.6)
    treetop (1.4.9)
      polyglot (>= 0.3.1)
    tzinfo (0.3.24)
    warden (1.0.3)
      rack (>= 1.0.0)
    will_paginate (3.0.pre2)

PLATFORMS
  ruby

DEPENDENCIES
  globalize3
  globalize_spree!
  i18n
  mysql2
  rails (= 3.0.4)
  spree
  spree-homepager!
  spree_enhanced_option_types!
  spree_i18n!
  spree_related_products!
